GEM
  remote: https://rubygems.org/
  specs:
    bcrypt (3.1.18)

PLATFORMS
  arm64-darwin-21

DEPENDENCIES
  bcrypt (~> 3.1, >= 3.1.12)

RUBY VERSION
   ruby 3.1.2p20

BUNDLED WITH
   2.3.26
